PATH
  remote: .
  specs:
    fql (0.2.12)
      activerecord (~> 7.0)
      i18n (~> 1.8)
      sorbet-rails (~> 0.7.3)
      sorbet-runtime (~> 0.5)
      sorbet-struct-comparable (~> 1.3.0)
      zeitwerk (~> 2.4)

GEM
  remote: https://rubygems.org/
  specs:
    activemodel (7.1.1)
      activesupport (= 7.1.1)
    activerecord (7.1.1)
      activemodel (= 7.1.1)
      activesupport (= 7.1.1)
      timeout (>= 0.4.0)
    activesupport (7.1.1)
      base64
      bigdecimal
      concurrent-ruby (~> 1.0, >= 1.0.2)
      connection_pool (>= 2.2.5)
      drb
      i18n (>= 1.6, < 2)
      minitest (>= 5.1)
      mutex_m
      tzinfo (~> 2.0)
    ast (2.4.2)
    backport (1.2.0)
    base64 (0.1.1)
    benchmark (0.2.1)
    bigdecimal (3.1.4)
    byebug (11.1.3)
    coderay (1.1.3)
    commander (4.6.0)
      highline (~> 2.0.0)
    concurrent-ruby (1.2.2)
    connection_pool (2.4.1)
    diff-lcs (1.5.0)
    docile (1.4.0)
    drb (2.1.1)
      ruby2_keywords
    e2mmap (0.1.0)
    erubi (1.12.0)
    ffi (1.15.5)
    fivemat (1.3.7)
    formatador (1.1.0)
    guard (2.18.0)
      formatador (>= 0.2.4)
      listen (>= 2.7, < 4.0)
      lumberjack (>= 1.0.12, < 2.0)
      nenv (~> 0.1)
      notiffany (~> 0.0)
      pry (>= 0.13.0)
      shellany (~> 0.0)
      thor (>= 0.18.1)
    guard-compat (1.2.1)
    guard-rspec (4.7.3)
      guard (~> 2.1)
      guard-compat (~> 1.1)
      rspec (>= 2.99.0, < 4.0)
    highline (2.0.3)
    i18n (1.14.1)
      concurrent-ruby (~> 1.0)
    jaro_winkler (1.5.6)
    kramdown (2.4.0)
      rexml
    kramdown-parser-gfm (1.1.0)
      kramdown (~> 2.0)
    listen (3.8.0)
      rb-fsevent (~> 0.10, >= 0.10.3)
      rb-inotify (~> 0.9, >= 0.9.10)
    lumberjack (1.2.9)
    method_source (1.0.0)
    minitest (5.19.0)
    mutex_m (0.1.2)
    nenv (0.3.0)
    netrc (0.11.0)
    nokogiri (1.15.4-x86_64-linux)
      racc (~> 1.4)
    notiffany (0.1.3)
      nenv (~> 0.1)
      shellany (~> 0.0)
    parallel (1.23.0)
    parlour (8.1.0)
      commander (~> 4.5)
      parser
      rainbow (~> 3.0)
      sorbet-runtime (>= 0.5)
    parser (3.2.2.3)
      ast (~> 2.4.1)
      racc
    polyfill (1.9.0)
    prettier_print (1.2.1)
    pry (0.14.2)
      coderay (~> 1.1)
      method_source (~> 1.0)
    racc (1.7.1)
    rainbow (3.1.1)
    rake (13.0.6)
    rb-fsevent (0.11.2)
    rb-inotify (0.10.1)
      ffi (~> 1.0)
    rbi (0.0.17)
      ast
      parser (>= 3.0.0)
      sorbet-runtime (>= 0.5.9204)
      unparser (>= 0.5.6)
    regexp_parser (2.8.1)
    reverse_markdown (2.1.1)
      nokogiri
    rexml (3.2.6)
    rspec (3.1.0)
      rspec-core (~> 3.1.0)
      rspec-expectations (~> 3.1.0)
      rspec-mocks (~> 3.1.0)
    rspec-core (3.1.7)
      rspec-support (~> 3.1.0)
    rspec-expectations (3.1.2)
      diff-lcs (>= 1.2.0, < 2.0)
      rspec-support (~> 3.1.0)
    rspec-mocks (3.1.3)
      rspec-support (~> 3.1.0)
    rspec-support (3.1.2)
    rspec_junit_formatter (0.6.0)
      rspec-core (>= 2, < 4, != 2.12.0)
    rubocop (1.24.1)
      parallel (~> 1.10)
      parser (>= 3.0.0.0)
      rainbow (>= 2.2.2, < 4.0)
      regexp_parser (>= 1.8, < 3.0)
      rexml
      rubocop-ast (>= 1.15.1, < 2.0)
      ruby-progressbar (~> 1.7)
      unicode-display_width (>= 1.4.0, < 3.0)
    rubocop-ast (1.29.0)
      parser (>= 3.2.1.0)
    rubocop-packaging (0.5.1)
      rubocop (>= 0.89, < 2.0)
    rubocop-performance (1.13.1)
      rubocop (>= 1.7.0, < 2.0)
      rubocop-ast (>= 0.4.0)
    rubocop-rake (0.6.0)
      rubocop (~> 1.0)
    rubocop-rspec (2.7.0)
      rubocop (~> 1.19)
    rubocop-sorbet (0.7.3)
      rubocop (>= 0.90.0)
    ruby-progressbar (1.13.0)
    ruby2_keywords (0.0.5)
    safe_type (1.1.1)
    shellany (0.0.1)
    simplecov (0.22.0)
      docile (~> 1.1)
      simplecov-html (~> 0.11)
      simplecov_json_formatter (~> 0.1)
    simplecov-buildkite (0.2.0)
      simplecov (~> 0.16)
    simplecov-html (0.12.3)
    simplecov_json_formatter (0.1.4)
    solargraph (0.48.0)
      backport (~> 1.2)
      benchmark
      bundler (>= 1.17.2)
      diff-lcs (~> 1.4)
      e2mmap
      jaro_winkler (~> 1.5)
      kramdown (~> 2.3)
      kramdown-parser-gfm (~> 1.1)
      parser (~> 3.0)
      reverse_markdown (>= 1.0.5, < 3)
      rubocop (>= 0.52)
      thor (~> 1.0)
      tilt (~> 2.0)
      yard (~> 0.9, >= 0.9.24)
    sorbet (0.5.10981)
      sorbet-static (= 0.5.10981)
    sorbet-coerce (0.7.0)
      polyfill (~> 1.8)
      safe_type (~> 1.1, >= 1.1.1)
      sorbet-runtime (>= 0.4.4704)
    sorbet-rails (0.7.34)
      method_source (>= 0.9.2)
      parlour (>= 4.0.1)
      parser (>= 2.7)
      sorbet-coerce (>= 0.2.6)
      sorbet-runtime (>= 0.5.9892)
    sorbet-runtime (0.5.10981)
    sorbet-static (0.5.10981-x86_64-linux)
    sorbet-static-and-runtime (0.5.10981)
      sorbet (= 0.5.10981)
      sorbet-runtime (= 0.5.10981)
    sorbet-struct-comparable (1.3.0)
      sorbet-runtime (>= 0.5)
    spoom (1.2.3)
      erubi (>= 1.10.0)
      sorbet-static-and-runtime (>= 0.5.10187)
      syntax_tree (>= 6.1.1)
      thor (>= 0.19.2)
    sqlite3 (1.6.3-x86_64-linux)
    syntax_tree (6.1.1)
      prettier_print (>= 1.2.0)
    tapioca (0.11.8)
      bundler (>= 2.2.25)
      netrc (>= 0.11.0)
      parallel (>= 1.21.0)
      rbi (~> 0.0.0, >= 0.0.16)
      sorbet-static-and-runtime (>= 0.5.10187)
      spoom (~> 1.2.0, >= 1.2.0)
      thor (>= 1.2.0)
      yard-sorbet
    thor (1.2.2)
    tilt (2.2.0)
    timeout (0.4.0)
    tzinfo (2.0.6)
      concurrent-ruby (~> 1.0)
    unicode-display_width (2.4.2)
    unparser (0.6.8)
      diff-lcs (~> 1.3)
      parser (>= 3.2.0)
    yard (0.9.34)
    yard-sorbet (0.8.1)
      sorbet-runtime (>= 0.5)
      yard (>= 0.9)
    zeitwerk (2.6.11)

PLATFORMS
  x86_64-linux

DEPENDENCIES
  byebug
  fivemat
  fql!
  guard-rspec
  rake (~> 13.0)
  rspec (~> 3.1.0)
  rspec_junit_formatter
  rubocop (= 1.24.1)
  rubocop-packaging (= 0.5.1)
  rubocop-performance (= 1.13.1)
  rubocop-rake (= 0.6.0)
  rubocop-rspec (= 2.7.0)
  rubocop-sorbet
  simplecov
  simplecov-buildkite
  solargraph
  sorbet
  sqlite3
  tapioca

BUNDLED WITH
   2.4.18
